GEM
  remote: http://rubygems.org/
  specs:
    addressable (2.2.8)
    awesome_print (1.0.2)
    bcrypt-ruby (3.0.1)
    bourbon (3.0.1)
      sass (>= 3.2.0)
      thor
    capybara (1.1.2)
      mime-types (>= 1.16)
      nokogiri (>= 1.3.3)
      rack (>= 1.0.0)
      rack-test (>= 0.5.4)
      selenium-webdriver (~> 2.0)
      xpath (~> 0.1.4)
    capybara-webkit (0.9.0)
      capybara (>= 1.0.0, < 1.2)
      json
    childprocess (0.3.1)
      ffi (~> 1.0.6)
    daemons (1.1.8)
    data_mapper (1.2.0)
      dm-aggregates (~> 1.2.0)
      dm-constraints (~> 1.2.0)
      dm-core (~> 1.2.0)
      dm-migrations (~> 1.2.0)
      dm-serializer (~> 1.2.0)
      dm-timestamps (~> 1.2.0)
      dm-transactions (~> 1.2.0)
      dm-types (~> 1.2.0)
      dm-validations (~> 1.2.0)
    data_objects (0.10.11)
      addressable (~> 2.1)
    dm-aggregates (1.2.0)
      dm-core (~> 1.2.0)
    dm-constraints (1.2.0)
      dm-core (~> 1.2.0)
    dm-core (1.2.0)
      addressable (~> 2.2.6)
    dm-do-adapter (1.2.0)
      data_objects (~> 0.10.6)
      dm-core (~> 1.2.0)
    dm-migrations (1.2.0)
      dm-core (~> 1.2.0)
    dm-mysql-adapter (1.2.0)
      dm-do-adapter (~> 1.2.0)
      do_mysql (~> 0.10.6)
    dm-serializer (1.2.2)
      dm-core (~> 1.2.0)
      fastercsv (~> 1.5)
      json (~> 1.6)
      json_pure (~> 1.6)
      multi_json (~> 1.0)
    dm-timestamps (1.2.0)
      dm-core (~> 1.2.0)
    dm-transactions (1.2.0)
      dm-core (~> 1.2.0)
    dm-types (1.2.2)
      bcrypt-ruby (~> 3.0)
      dm-core (~> 1.2.0)
      fastercsv (~> 1.5)
      json (~> 1.6)
      multi_json (~> 1.0)
      stringex (~> 1.4)
      uuidtools (~> 2.1)
    dm-validations (1.2.0)
      dm-core (~> 1.2.0)
    do_mysql (0.10.11)
      data_objects (= 0.10.11)
    eventmachine (0.12.10)
    fastercsv (1.5.5)
    ffi (1.0.11)
    haml (3.1.7)
    json (1.6.5)
    json_pure (1.7.6)
    mime-types (1.17.2)
    multi_json (1.0.4)
    neat (1.1.0)
      bourbon (>= 2.1)
      sass (>= 3.2)
    nokogiri (1.5.0)
    rack (1.4.1)
    rack-protection (1.2.0)
      rack
    rack-test (0.6.1)
      rack (>= 1.0)
    rdiscount (1.6.8)
    rubyzip (0.9.6.1)
    sass (3.2.5)
    selenium-webdriver (2.19.0)
      childprocess (>= 0.2.5)
      ffi (~> 1.0.9)
      multi_json (~> 1.0.4)
      rubyzip
    shotgun (0.9)
      rack (>= 1.0)
    sinatra (1.3.2)
      rack (~> 1.3, >= 1.3.6)
      rack-protection (~> 1.2)
      tilt (~> 1.3, >= 1.3.3)
    stringex (1.5.1)
    thin (1.3.1)
      daemons (>= 1.0.9)
      eventmachine (>= 0.12.6)
      rack (>= 1.0.0)
    thor (0.16.0)
    tilt (1.3.3)
    uuidtools (2.1.3)
    xpath (0.1.4)
      nokogiri (~> 1.3)
    yard (0.7.5)

PLATFORMS
  ruby

DEPENDENCIES
  awesome_print
  bourbon
  capybara-webkit
  data_mapper
  dm-mysql-adapter
  haml
  neat
  nokogiri
  rack-test
  rdiscount
  shotgun
  sinatra
  thin
  yard
